GEM
  remote: https://rubygems.org/
  specs:
    actioncable (7.0.3)
      actionpack (= 7.0.3)
      activesupport (= 7.0.3)
      nio4r (~> 2.0)
      websocket-driver (>= 0.6.1)
    actionmailbox (7.0.3)
      actionpack (= 7.0.3)
      activejob (= 7.0.3)
      activerecord (= 7.0.3)
      activestorage (= 7.0.3)
      activesupport (= 7.0.3)
      mail (>= 2.7.1)
      net-imap
      net-pop
      net-smtp
    actionmailer (7.0.3)
      actionpack (= 7.0.3)
      actionview (= 7.0.3)
      activejob (= 7.0.3)
      activesupport (= 7.0.3)
      mail (~> 2.5, >= 2.5.4)
      net-imap
      net-pop
      net-smtp
      rails-dom-testing (~> 2.0)
    actionpack (7.0.3)
      actionview (= 7.0.3)
      activesupport (= 7.0.3)
      rack (~> 2.0, >= 2.2.0)
      rack-test (>= 0.6.3)
      rails-dom-testing (~> 2.0)
      rails-html-sanitizer (~> 1.0, >= 1.2.0)
    actiontext (7.0.3)
      actionpack (= 7.0.3)
      activerecord (= 7.0.3)
      activestorage (= 7.0.3)
      activesupport (= 7.0.3)
      globalid (>= 0.6.0)
      nokogiri (>= 1.8.5)
    actionview (7.0.3)
      activesupport (= 7.0.3)
      builder (~> 3.1)
      erubi (~> 1.4)
      rails-dom-testing (~> 2.0)
      rails-html-sanitizer (~> 1.1, >= 1.2.0)
    active_model_serializers (0.10.13)
      actionpack (>= 4.1, < 7.1)
      activemodel (>= 4.1, < 7.1)
      case_transform (>= 0.2)
      jsonapi-renderer (>= 0.1.1.beta1, < 0.3)
    activejob (7.0.3)
      activesupport (= 7.0.3)
      globalid (>= 0.3.6)
    activemodel (7.0.3)
      activesupport (= 7.0.3)
    activerecord (7.0.3)
      activemodel (= 7.0.3)
      activesupport (= 7.0.3)
    activestorage (7.0.3)
      actionpack (= 7.0.3)
      activejob (= 7.0.3)
      activerecord (= 7.0.3)
      activesupport (= 7.0.3)
      marcel (~> 1.0)
      mini_mime (>= 1.1.0)
    activesupport (7.0.3)
      concurrent-ruby (~> 1.0, >= 1.0.2)
      i18n (>= 1.6, < 2)
      minitest (>= 5.1)
      tzinfo (~> 2.0)
    addressable (2.8.0)
      public_suffix (>= 2.0.2, < 5.0)
    ast (2.4.2)
    bootsnap (1.12.0)
      msgpack (~> 1.2)
    brakeman (5.2.3)
    builder (3.2.4)
    bundler-audit (0.9.1)
      bundler (>= 1.2.0, < 3)
      thor (~> 1.0)
    case_transform (0.2)
      activesupport
    concurrent-ruby (1.1.10)
    crass (1.0.6)
    debug (1.5.0)
      irb (>= 1.3.6)
      reline (>= 0.2.7)
    diff-lcs (1.5.0)
    digest (3.1.0)
    docile (1.4.0)
    erubi (1.10.0)
    factory_bot (6.2.1)
      activesupport (>= 5.0.0)
    factory_bot_rails (6.2.0)
      factory_bot (~> 6.2.0)
      railties (>= 5.0.0)
    faraday (2.3.0)
      faraday-net_http (~> 2.0)
      ruby2_keywords (>= 0.0.4)
    faraday-net_http (2.0.3)
    flay (2.13.0)
      erubi (~> 1.10)
      path_expander (~> 1.0)
      ruby_parser (~> 3.0)
      sexp_processor (~> 4.0)
    gitlab (4.18.0)
      httparty (~> 0.18)
      terminal-table (>= 1.5.1)
    globalid (1.0.0)
      activesupport (>= 5.0)
    httparty (0.20.0)
      mime-types (~> 3.0)
      multi_xml (>= 0.5.2)
    i18n (1.10.0)
      concurrent-ruby (~> 1.0)
    io-console (0.5.11)
    irb (1.4.1)
      reline (>= 0.3.0)
    jsonapi-renderer (0.2.2)
    loofah (2.18.0)
      crass (~> 1.0.2)
      nokogiri (>= 1.5.9)
    mail (2.7.1)
      mini_mime (>= 0.1.1)
    marcel (1.0.2)
    method_source (1.0.0)
    mime-types (3.4.1)
      mime-types-data (~> 3.2015)
    mime-types-data (3.2022.0105)
    mini_mime (1.1.2)
    mini_portile2 (2.8.0)
    minitest (5.16.1)
    msgpack (1.5.2)
    multi_xml (0.6.0)
    net-imap (0.2.3)
      digest
      net-protocol
      strscan
    net-pop (0.1.1)
      digest
      net-protocol
      timeout
    net-protocol (0.1.3)
      timeout
    net-smtp (0.3.1)
      digest
      net-protocol
      timeout
    nio4r (2.5.8)
    nokogiri (1.13.6)
      mini_portile2 (~> 2.8.0)
      racc (~> 1.4)
    nokogiri (1.13.6-arm64-darwin)
      racc (~> 1.4)
    nokogiri (1.13.6-x86_64-linux)
      racc (~> 1.4)
    octokit (4.25.0)
      faraday (>= 1, < 3)
      sawyer (~> 0.9)
    parallel (1.22.1)
    parser (3.1.2.0)
      ast (~> 2.4.1)
    path_expander (1.1.0)
    pg (1.4.1)
    pronto (0.11.0)
      gitlab (~> 4.4, >= 4.4.0)
      httparty (>= 0.13.7)
      octokit (~> 4.7, >= 4.7.0)
      rainbow (>= 2.2, < 4.0)
      rexml (~> 3.2)
      rugged (>= 0.23.0, < 1.1.0)
      thor (>= 0.20.3, < 2.0)
    pronto-flay (0.11.1)
      flay (~> 2.8)
      pronto (~> 0.11.0)
    pronto-rubocop (0.11.1)
      pronto (~> 0.11.0)
      rubocop (>= 0.63.1, < 2.0)
    public_suffix (4.0.7)
    puma (5.6.4)
      nio4r (~> 2.0)
    racc (1.6.0)
    rack (2.2.3.1)
    rack-test (2.0.0)
      rack (>= 1.3)
    rails (7.0.3)
      actioncable (= 7.0.3)
      actionmailbox (= 7.0.3)
      actionmailer (= 7.0.3)
      actionpack (= 7.0.3)
      actiontext (= 7.0.3)
      actionview (= 7.0.3)
      activejob (= 7.0.3)
      activemodel (= 7.0.3)
      activerecord (= 7.0.3)
      activestorage (= 7.0.3)
      activesupport (= 7.0.3)
      bundler (>= 1.15.0)
      railties (= 7.0.3)
    rails-dom-testing (2.0.3)
      activesupport (>= 4.2.0)
      nokogiri (>= 1.6)
    rails-html-sanitizer (1.4.3)
      loofah (~> 2.3)
    railties (7.0.3)
      actionpack (= 7.0.3)
      activesupport (= 7.0.3)
      method_source
      rake (>= 12.2)
      thor (~> 1.0)
      zeitwerk (~> 2.5)
    rainbow (3.1.1)
    rake (13.0.6)
    regexp_parser (2.5.0)
    reline (0.3.1)
      io-console (~> 0.5)
    rexml (3.2.5)
    rspec-core (3.11.0)
      rspec-support (~> 3.11.0)
    rspec-expectations (3.11.0)
      diff-lcs (>= 1.2.0, < 2.0)
      rspec-support (~> 3.11.0)
    rspec-mocks (3.11.1)
      diff-lcs (>= 1.2.0, < 2.0)
      rspec-support (~> 3.11.0)
    rspec-rails (5.1.2)
      actionpack (>= 5.2)
      activesupport (>= 5.2)
      railties (>= 5.2)
      rspec-core (~> 3.10)
      rspec-expectations (~> 3.10)
      rspec-mocks (~> 3.10)
      rspec-support (~> 3.10)
    rspec-support (3.11.0)
    rubocop (1.30.1)
      parallel (~> 1.10)
      parser (>= 3.1.0.0)
      rainbow (>= 2.2.2, < 4.0)
      regexp_parser (>= 1.8, < 3.0)
      rexml (>= 3.2.5, < 4.0)
      rubocop-ast (>= 1.18.0, < 2.0)
      ruby-progressbar (~> 1.7)
      unicode-display_width (>= 1.4.0, < 3.0)
    rubocop-ast (1.18.0)
      parser (>= 3.1.1.0)
    rubocop-rails (2.15.0)
      activesupport (>= 4.2.0)
      rack (>= 1.1)
      rubocop (>= 1.7.0, < 2.0)
    ruby-progressbar (1.11.0)
    ruby2_keywords (0.0.5)
    ruby_audit (2.1.0)
      bundler-audit (~> 0.9.0)
    ruby_parser (3.19.1)
      sexp_processor (~> 4.16)
    rugged (1.0.1)
    sawyer (0.9.2)
      addressable (>= 2.3.5)
      faraday (>= 0.17.3, < 3)
    sexp_processor (4.16.1)
    shoulda-matchers (5.1.0)
      activesupport (>= 5.2.0)
    simplecov (0.21.2)
      docile (~> 1.1)
      simplecov-html (~> 0.11)
      simplecov_json_formatter (~> 0.1)
    simplecov-html (0.12.3)
    simplecov_json_formatter (0.1.4)
    strscan (3.0.3)
    terminal-table (3.0.2)
      unicode-display_width (>= 1.1.1, < 3)
    thor (1.2.1)
    timeout (0.3.0)
    tzinfo (2.0.4)
      concurrent-ruby (~> 1.0)
    unicode-display_width (2.2.0)
    websocket-driver (0.7.5)
      websocket-extensions (>= 0.1.0)
    websocket-extensions (0.1.5)
    zeitwerk (2.6.0)

PLATFORMS
  arm64-darwin-21
  ruby
  x86_64-linux

DEPENDENCIES
  active_model_serializers (~> 0.10.0)
  bootsnap
  brakeman
  bundler-audit
  debug
  factory_bot_rails
  pg (~> 1.1)
  pronto
  pronto-flay
  pronto-rubocop
  puma (~> 5.0)
  rails (~> 7.0.3)
  rspec-rails (~> 5.1.2)
  rubocop
  rubocop-rails
  ruby_audit
  shoulda-matchers (~> 5.0)
  simplecov
  tzinfo-data

RUBY VERSION
   ruby 3.0.3p157

BUNDLED WITH
   2.2.32
